GEM
  remote: http://rubygems.org/
  specs:
    addressable (2.2.6)
    builder (3.0.0)
    coderay (0.9.8)
    daemons (1.1.4)
    diff-lcs (1.1.3)
    eventmachine (0.12.10)
    grit (2.4.1)
      diff-lcs (~> 1.1)
      mime-types (~> 1.15)
    haml (3.1.3)
    launchy (2.0.5)
      addressable (~> 2.2.6)
    mime-types (1.16)
    nokogiri (1.5.0)
    rack (1.3.2)
    redcarpet (2.0.0b4)
    retter (0.0.0)
      builder
      bundler
      coderay
      grit
      haml
      launchy
      nokogiri
      redcarpet (>= 2.0.0b3)
      thor
    thin (1.2.11)
      daemons (>= 1.0.9)
      eventmachine (>= 0.12.6)
      rack (>= 1.0.0)
    thor (0.14.6)

PLATFORMS
  ruby

DEPENDENCIES
  rack
  retter
  thin
