GEM
  remote: http://rubygems.org/
  specs:
    activesupport (3.2.6)
      i18n (~> 0.6)
      multi_json (~> 1.0)
    addressable (2.2.8)
    blankslate (2.1.2.4)
    builder (3.0.0)
    chronic (0.6.7)
    coderay (1.0.7)
    daemons (1.1.8)
    diff-lcs (1.1.3)
    eventmachine (0.12.10)
    ffi (1.0.11)
    grit (2.5.0)
      diff-lcs (~> 1.1)
      mime-types (~> 1.15)
      posix-spawn (~> 0.3.6)
    haml (3.1.6)
    i18n (0.6.0)
    launchy (2.1.0)
      addressable (~> 2.2.6)
    mime-types (1.19)
    multi_json (1.3.6)
    nokogiri (1.5.5)
    posix-spawn (0.3.6)
    pygments.rb (0.2.13)
      rubypython (~> 0.5.3)
    rack (1.4.1)
    redcarpet (2.1.1)
    retter (0.2.3)
      activesupport (>= 3.2.5)
      builder (>= 3.0.0)
      bundler (>= 1.1.4)
      chronic (>= 0.6.7)
      coderay (>= 1.0.7)
      grit (>= 2.5.0)
      haml (>= 3.1.6)
      i18n (>= 0.6.0)
      launchy (>= 2.1.0)
      nokogiri (>= 1.5.3)
      pygments.rb (>= 0.2.13)
      rack (>= 1.4.1)
      redcarpet (>= 2.1.1)
      thor (>= 0.15.2)
      tilt (>= 1.3.3)
    rubypython (0.5.3)
      blankslate (>= 2.1.2.3)
      ffi (~> 1.0.7)
    thin (1.4.1)
      daemons (>= 1.0.9)
      eventmachine (>= 0.12.6)
      rack (>= 1.0.0)
    thor (0.15.4)
    tilt (1.3.3)

PLATFORMS
  ruby

DEPENDENCIES
  rack
  retter (~> 0.2.3)
  thin
