GEM
  remote: http://rubygems.org/
  specs:
    addressable (2.2.6)
    builder (3.0.0)
    coderay (1.0.0)
    daemons (1.1.4)
    diff-lcs (1.1.3)
    eventmachine (0.12.10)
    grit (2.4.1)
      diff-lcs (~> 1.1)
      mime-types (~> 1.15)
    haml (3.1.3)
    launchy (2.0.5)
      addressable (~> 2.2.6)
    mechanize (2.0.1)
      net-http-digest_auth (~> 1.1, >= 1.1.1)
      net-http-persistent (~> 1.8)
      nokogiri (~> 1.4)
      webrobots (~> 0.0, >= 0.0.9)
    mime-types (1.16)
    net-http-digest_auth (1.1.1)
    net-http-persistent (1.9)
    nokogiri (1.5.0)
    rack (1.3.4)
    redcarpet (2.0.0b5)
    retter (0.1.0)
      builder (>= 3.0.0)
      bundler (>= 1.0)
      coderay (>= 0.9.8)
      grit (>= 2.4.1)
      haml (>= 3.1.3)
      launchy (>= 2.0.5)
      nokogiri (>= 1.5.0)
      redcarpet (>= 2.0.0b3)
      thor (>= 0.14.6)
    thin (1.2.11)
      daemons (>= 1.0.9)
      eventmachine (>= 0.12.6)
      rack (>= 1.0.0)
    thor (0.14.6)
    webrobots (0.0.12)
      nokogiri (>= 1.4.4)

PLATFORMS
  ruby

DEPENDENCIES
  mechanize
  rack
  retter
  thin
